GEM
  remote: http://rubygems.org/
  specs:
    builder (3.0.4)
    diff-lcs (1.2.1)
    excon (0.16.10)
    fog (1.9.0)
      builder
      excon (~> 0.14)
      formatador (~> 0.2.0)
      mime-types
      multi_json (~> 1.0)
      net-scp (~> 1.0.4)
      net-ssh (>= 2.1.3)
      nokogiri (~> 1.5.0)
      ruby-hmac
    formatador (0.2.4)
    git (1.2.5)
    jeweler (1.8.4)
      bundler (~> 1.0)
      git (>= 1.2.5)
      rake
      rdoc
    json (1.7.7)
    mime-types (1.21)
    multi_json (1.5.1)
    net-scp (1.0.4)
      net-ssh (>= 1.99.1)
    net-ssh (2.6.5)
    nokogiri (1.5.6)
    rake (10.0.3)
    rdoc (3.12.2)
      json (~> 1.4)
    rspec (2.13.0)
      rspec-core (~> 2.13.0)
      rspec-expectations (~> 2.13.0)
      rspec-mocks (~> 2.13.0)
    rspec-core (2.13.0)
    rspec-expectations (2.13.0)
      diff-lcs (>= 1.1.3, < 2.0)
    rspec-mocks (2.13.0)
    ruby-hmac (0.4.0)
    s3etag (0.0.1)

PLATFORMS
  ruby

DEPENDENCIES
  bundler (~> 1.2.3)
  fog
  jeweler (~> 1.8.4)
  rdoc (~> 3.12)
  rspec (~> 2.13.0)
  s3etag
